GEM
  remote: https://rubygems.org/
  specs:
    bio (1.5.1)

PLATFORMS
  ruby

DEPENDENCIES
  bio (~> 1.5)

BUNDLED WITH
   1.15.4
